{
  "AcquisitionMatrixPE": 148,
  "AcquisitionNumber": 1,
  "AcquisitionTime": "14:14:25.895000",
  "BandwidthPerPixelPhaseEncode": 21.796,
  "BaseResolution": 152,
  "CoilString": "C:A32",
  "ConversionSoftware": "dcm2niix",
  "ConversionSoftwareVersion": "v1.0.20190410  GCC6.3.0",
  "DerivedVendorReportedEchoSpacing": 0.00093,
  "DeviceSerialNumber": "18930",
  "DwellTime": 2.6e-06,
  "EchoTime": 0.018,
  "EffectiveEchoSpacing": 0.00031,
  "FlipAngle": 26,
  "ImageComments": "E00_Com",
  "ImageOrientationPatientDICOM": [1, 0, 0, 0, 0.679441, -0.73373],
  "ImageType": [
    "ORIGINAL",
    "PRIMARY",
    "M",
    "ND",
    "ECHO",
 "00",
    "COMBINED",
    "MOSAIC"
],
  "ImagingFrequency": 297.205,
  "InPlanePhaseEncodingDirectionDICOM": "COL",
  "InstitutionAddress": "Oxfordlaan_55_Maastricht_Limburg_NL_6229_EV",
  "InstitutionName": "Scannexus",
  "InstitutionalDepartmentName": "MRI_7T",
  "MRAcquisitionType": "3D",
  "MagneticFieldStrength": 6.98,
  "Manufacturer": "Siemens",
  "ManufacturersModelName": "Investigational_Device_7T",
  "Modality": "MR",
  "MultibandAccelerationFactor": 16,
  "PartialFourier": 0.75,
  "PatientPosition": "HFS",
  "PercentPhaseFOV": 97.3684,
  "PhaseEncodingSteps": 110,
  "PhaseResolution": 1,
  "PixelBandwidth": 1265,
  "ProcedureStepDescription": "Amanda_Kaas_SEBDRE",
  "ProtocolName": "VASO_157_v1s1_event",
  "PulseSequenceDetails": "%CustomerSeq%_VASO_157",
  "ReceiveCoilName": "32Ch_Head_7T",
  "ReconMatrixPE": 148,
  "RefLinesPE": 45,
  "RepetitionTime": 1.72,
  "SAR": 0.188293,
  "ScanOptions": "PFP_SAT1_FS",
  "ScanningSequence": "EP",
  "SequenceName": "compiled_from_R",
  "SequenceVariant": "SK_SP",
  "SeriesDescription": "VASO_157_v1s1_event_E00_M",
  "SeriesNumber": 6,
  "ShimSetting": [98, -234, 530, 989, 74, -276, 46, -65],
  "SliceThickness": 0.88,
  "SoftwareVersions": "syngo_MR_B17",
  "SpacingBetweenSlices": 0.88,
  "StationName": "MRC18930",
  "TaskName": "eventStimVisOnly",
  "TotalReadoutTime": 0.04557,
  "TxRefAmp": 210,
  "dcmmeta_affine": [
    [-0.875, 0.0, 0.0, 62.83610534667969],
    [0.0, 0.5945111513137817, -0.6456822752952576, -49.80509948730469],
    [0.0, 0.6420136094093323, 0.5979083776473999, -17.349720001220703],
    [0.0, 0.0, 0.0, 1.0]
],
  "dcmmeta_reorient_transform": [
    [0.0, -1.0, 0.0, 147.0],
    [1.0, 0.0, 0.0, 0.0],
    [0.0, 0.0, 1.0, 0.0],
    [0.0, 0.0, 0.0, 1.0]
],
  "dcmmeta_shape": [152, 148, 16, 580],
  "dcmmeta_slice_dim": 2,
  "dcmmeta_version": 0.6,
  "global": {
    "const": {
      "AcquisitionMatrix": [152, 0, 0, 148],
      "AngioFlag": "N",
      "BitsAllocated": 16,
      "BitsStored": 12,
      "Columns": 608,
      "EchoNumbers": 1,
      "EchoTime": 18.0,
      "EchoTrainLength": 1,
      "FlipAngle": 26.0,
      "HighBit": 11,
      "ImageOrientationPatient": [1.0, 0.0, 0.0, 0.0, 0.6794413198891, -0.7337298500316],
      "ImagePositionPatient": [-262.33610486984, -169.56951528605, 219.55330538527],
      "ImageType": [
        "ORIGINAL",
        "PRIMARY",
        "M",
        "ND",
        "ECHO_00",
        "COMBINED",
        "MOSAIC"
],
      "ImagedNucleus": "1H",
      "ImagingFrequency": 297.205073,
      "InPlanePhaseEncodingDirection": "COL",
      "MRAcquisitionType": "3D",
      "MagneticFieldStrength": 6.98,
      "Manufacturer": "SIEMENS",
      "ManufacturerModelName": "Investigational_Device_7T",
      "Modality": "MR",
      "NumberOfAverages": 1.0,
      "NumberOfPhaseEncodingSteps": 110,
      "PercentPhaseFieldOfView": 97.368421052632,
      "PercentSampling": 100.0,
      "PerformedProcedureStepStartTime": "131800.312000",
      "PhotometricInterpretation": "MONOCHROME2",
      "PixelBandwidth": 1265.0,
      "PixelRepresentation": 0,
      "PixelSpacing": [0.875, 0.875],
      "ProtocolName": "VASO_157_v1s1_event",
      "RepetitionTime": 1720.0,
      "Rows": 592,
      "SAR": 0.18829323273203,
      "SamplesPerPixel": 1,
      "ScanOptions": [
        "PFP",
        "SAT1",
        "FS"
],
      "ScanningSequence": "EP",
      "SequenceName": "compiled from R",
      "SequenceVariant": [
        "SK",
        "SP"
],
      "SeriesDescription": "VASO_157_v1s1_event_E00_M",
      "SeriesNumber": 6,
      "SeriesTime": "141504.296000",
      "SliceLocation": 24.755372576222,
      "SliceThickness": 0.87999999523163,
      "SmallestImagePixelValue": 0,
      "SoftwareVersions": "syngo MR B17",
      "SpacingBetweenSlices": 0.87999999523163,
      "SpecificCharacterSet": "ISO_IR 100",
      "StudyID": "1",
      "StudyTime": "131800.265000",
      "TransmitCoilName": "32Ch_Head_7T",
      "VariableFlipAngleFlag": "N",
      "WindowCenterWidthExplanation": "Algo1",
      "dBdt": 0.0},
