{
  "AcquisitionMatrixPE": 148,
  "AcquisitionNumber": 1,
  "AcquisitionTime": "13:54:28.267500",
  "BandwidthPerPixelPhaseEncode": 21.796,
  "BaseResolution": 152,
  "CoilString": "C:A32",
  "ConversionSoftware": "dcm2niix",
  "ConversionSoftwareVersion": "v1.0.20190410  GCC6.3.0",
  "DerivedVendorReportedEchoSpacing": 0.00093,
  "DeviceSerialNumber": "18930",
  "DwellTime": 2.6e-06,
  "EchoTime": 0.018,
  "EffectiveEchoSpacing": 0.00031,
  "FlipAngle": 26,
  "ImageComments": "E00_Com",
  "ImageOrientationPatientDICOM": [1, 3.41426e-09, 3.97548e-09, 2.05104e-10, 0.732543, -0.680721],
  "ImageType": [
    "ORIGINAL",
    "PRIMARY",
    "M",
    "ND",
    "ECHO",
 "00",
    "COMBINED",
    "MOSAIC"
],
  "ImagingFrequency": 297.205,
  "InPlanePhaseEncodingDirectionDICOM": "ROW",
  "InstitutionAddress": "Oxfordlaan_55_Maastricht_Limburg_NL_6229_EV",
  "InstitutionName": "Scannexus",
  "InstitutionalDepartmentName": "MRI_7T",
  "MRAcquisitionType": "3D",
  "MagneticFieldStrength": 6.98,
  "Manufacturer": "Siemens",
  "ManufacturersModelName": "Investigational_Device_7T",
  "Modality": "MR",
  "MultibandAccelerationFactor": 16,
  "PartialFourier": 0.75,
  "PatientPosition": "HFS",
  "PercentPhaseFOV": 97.3684,
  "PhaseEncodingSteps": 110,
  "PhaseResolution": 1,
  "PixelBandwidth": 1265,
  "ProcedureStepDescription": "Amanda_Kaas_SEBDRE",
  "ProtocolName": "VASO_157_v1s1_block_shortTR",
  "PulseSequenceDetails": "%CustomerSeq%_VASO_157",
  "ReceiveCoilName": "32Ch_Head_7T",
  "ReconMatrixPE": 148,
  "RefLinesPE": 45,
  "RepetitionTime": 1.72,
  "SAR": 0.188243,
  "ScanOptions": "PFP_SAT1_FS",
  "ScanningSequence": "EP",
  "SequenceName": "compiled_from_R",
  "SequenceVariant": "SK_SP",
  "SeriesDescription": "VASO_157_v1s1_block_shortTR_E00_M",
  "SeriesNumber": 6,
  "ShimSetting": [64, -132, 341, 1004, -81, 33, 117, 121],
  "SliceThickness": 0.88,
  "SoftwareVersions": "syngo_MR_B17",
  "SpacingBetweenSlices": 0.88,
  "StationName": "MRC18930",
  "TaskName": "blockStim",
  "TotalReadoutTime": 0.04557,
  "TxRefAmp": 210,
  "dcmmeta_affine": [
    [-0.875, 1.7946565067372688e-10, 4.608001979988785e-09, 63.9776725769043],
    [-2.987474490012687e-09, 0.6409749984741211, -0.5990343689918518, -49.527565002441406],
    [3.478545673729627e-09, 0.5956307649612427, 0.6446377038955688, -39.60188674926758],
    [0.0, 0.0, 0.0, 1.0]
],
  "dcmmeta_reorient_transform": [
    [0.0, -1.0, 0.0, 151.0],
    [1.0, 0.0, 0.0, 0.0],
    [0.0, 0.0, 1.0, 0.0],
    [0.0, 0.0, 0.0, 1.0]
],
  "dcmmeta_shape": [148, 152, 16, 591],
  "dcmmeta_slice_dim": 2,
  "dcmmeta_version": 0.6,
  "global": {
    "const": {
      "AcquisitionMatrix": [0, 152, 148, 0],
      "AngioFlag": "N",
      "BitsAllocated": 16,
      "BitsStored": 12,
      "Columns": 592,
      "EchoNumbers": 1,
      "EchoTime": 18.0,
      "EchoTrainLength": 1,
      "FlipAngle": 26.0,
      "HighBit": 11,
      "ImageOrientationPatient": [1.0, 3.4142565e-09, 3.9754807e-09, 2.051036e-10, 0.73254286766389, -0.6807209024518],
      "ImagePositionPatient": [-258.22767104718, -193.40196274693, 186.14217994141],
      "ImageType": [
        "ORIGINAL",
        "PRIMARY",
        "M",
        "ND",
        "ECHO_00",
        "COMBINED",
        "MOSAIC"
],
      "ImagedNucleus": "1H",
      "ImagingFrequency": 297.205259,
      "InPlanePhaseEncodingDirection": "ROW",
      "MRAcquisitionType": "3D",
      "MagneticFieldStrength": 6.98,
      "Manufacturer": "SIEMENS",
      "ManufacturerModelName": "Investigational_Device_7T",
      "Modality": "MR",
      "NumberOfAverages": 1.0,
      "NumberOfPhaseEncodingSteps": 110,
      "PercentPhaseFieldOfView": 97.368421052632,
      "PercentSampling": 100.0,
      "PerformedProcedureStepStartTime": "131234.937000",
      "PhotometricInterpretation": "MONOCHROME2",
      "PixelBandwidth": 1265.0,
      "PixelRepresentation": 0,
      "PixelSpacing": [0.875, 0.875],
      "ProtocolName": "VASO_157_v1s1_block_shortTR",
      "RepetitionTime": 1720.0,
      "Rows": 608,
      "SAR": 0.18824274852899,
      "SamplesPerPixel": 1,
      "ScanOptions": [
        "PFP",
        "SAT1",
        "FS"
],
      "ScanningSequence": "EP",
      "SequenceName": "compiled from R",
      "SequenceVariant": [
        "SK",
        "SP"
],
      "SeriesDescription": "VASO_157_v1s1_block_shortTR_E00_M",
      "SeriesNumber": 6,
      "SeriesTime": "135501.609000",
      "SliceLocation": 4.7043690226331,
      "SliceThickness": 0.87999999523163,
      "SmallestImagePixelValue": 0,
      "SoftwareVersions": "syngo MR B17",
      "SpacingBetweenSlices": 0.87999999523163,
      "SpecificCharacterSet": "ISO_IR 100",
      "StudyID": "1",
      "StudyTime": "131234.890000",
      "TransmitCoilName": "32Ch_Head_7T",
      "VariableFlipAngleFlag": "N",
      "WindowCenterWidthExplanation": "Algo1",
      "dBdt": 0.0},
