{
  "AcquisitionMatrixPE": 148,
  "AcquisitionNumber": 1,
  "AcquisitionTime": "14:07:28.245000",
  "BandwidthPerPixelPhaseEncode": 21.796,
  "BaseResolution": 152,
  "CoilString": "C:A32",
  "ConversionSoftware": "dcm2niix",
  "ConversionSoftwareVersion": "v1.0.20190410  GCC6.3.0",
  "DerivedVendorReportedEchoSpacing": 0.00093,
  "DeviceSerialNumber": "18930",
  "DwellTime": 2.6e-06,
  "EchoTime": 0.018,
  "EffectiveEchoSpacing": 0.00031,
  "FlipAngle": 26,
  "ImageComments": "E00_Com",
  "ImageOrientationPatientDICOM": [1, 3.24479e-09, 4.11497e-09, 2.05103e-10, 0.760406, -0.649448],
  "ImageType": [
    "ORIGINAL",
    "PRIMARY",
    "M",
    "ND",
    "ECHO",
 "00",
    "COMBINED",
    "MOSAIC"
],
  "ImagingFrequency": 297.205,
  "InPlanePhaseEncodingDirectionDICOM": "ROW",
  "InstitutionAddress": "Oxfordlaan_55_Maastricht_Limburg_NL_6229_EV",
  "InstitutionName": "Scannexus",
  "InstitutionalDepartmentName": "MRI_7T",
  "MRAcquisitionType": "3D",
  "MagneticFieldStrength": 6.98,
  "Manufacturer": "Siemens",
  "ManufacturersModelName": "Investigational_Device_7T",
  "Modality": "MR",
  "MultibandAccelerationFactor": 16,
  "PartialFourier": 0.75,
  "PatientPosition": "HFS",
  "PercentPhaseFOV": 97.3684,
  "PhaseEncodingSteps": 110,
  "PhaseResolution": 1,
  "PixelBandwidth": 1265,
  "ProcedureStepDescription": "Amanda_Kaas_SEBDRE",
  "ProtocolName": "VASO_157_v1s1_event",
  "PulseSequenceDetails": "%CustomerSeq%_VASO_157",
  "ReceiveCoilName": "32Ch_Head_7T",
  "ReconMatrixPE": 148,
  "RefLinesPE": 45,
  "RepetitionTime": 1.72,
  "SAR": 0.105593,
  "ScanOptions": "PFP_SAT1_FS",
  "ScanningSequence": "EP",
  "SequenceName": "compiled_from_R",
  "SequenceVariant": "SK_SP",
  "SeriesDescription": "VASO_157_v1s1_event_E00_M",
  "SeriesNumber": 8,
  "ShimSetting": [81, -187, 536, 819, 11, 608, 316, 141],
  "SliceThickness": 0.88,
  "SoftwareVersions": "syngo_MR_B17",
  "SpacingBetweenSlices": 0.88,
  "StationName": "MRC18930",
  "TaskName": "eventStim",
  "TotalReadoutTime": 0.04557,
  "TxRefAmp": 210,
  "dcmmeta_affine": [
    [-0.875, 1.7946538699575854e-10, 4.608001979988785e-09, 61.08610534667969],
    [-2.839187329684023e-09, 0.6653552055358887, -0.5715142488479614, -49.15284729003906],
    [3.600596931718769e-09, 0.5682670474052429, 0.6691572666168213, -22.311817169189453],
    [0.0, 0.0, 0.0, 1.0]
],
  "dcmmeta_reorient_transform": [
    [0.0, -1.0, 0.0, 151.0],
    [1.0, 0.0, 0.0, 0.0],
    [0.0, 0.0, 1.0, 0.0],
    [0.0, 0.0, 0.0, 1.0]
],
  "dcmmeta_shape": [148, 152, 16, 590],
  "dcmmeta_slice_dim": 2,
  "dcmmeta_version": 0.6,
  "global": {
    "const": {
      "AcquisitionMatrix": [0, 152, 148, 0],
      "AngioFlag": "N",
      "BitsAllocated": 16,
      "BitsStored": 12,
      "Columns": 592,
      "EchoNumbers": 1,
      "EchoTime": 18.0,
      "EchoTrainLength": 1,
      "FlipAngle": 26.0,
      "HighBit": 11,
      "ImageOrientationPatient": [1.0, 3.2447856e-09, 4.1149678e-09, 2.051033e-10, 0.76040598313875, -0.649448027795],
      "ImagePositionPatient": [-255.33610488984, -203.01678861416, 193.06138390426],
      "ImageType": [
        "ORIGINAL",
        "PRIMARY",
        "M",
        "ND",
        "ECHO_00",
        "COMBINED",
        "MOSAIC"
],
      "ImagedNucleus": "1H",
      "ImagingFrequency": 297.205042,
      "InPlanePhaseEncodingDirection": "ROW",
      "MRAcquisitionType": "3D",
      "MagneticFieldStrength": 6.98,
      "Manufacturer": "SIEMENS",
      "ManufacturerModelName": "Investigational_Device_7T",
      "Modality": "MR",
      "NumberOfAverages": 1.0,
      "NumberOfPhaseEncodingSteps": 110,
      "PercentPhaseFieldOfView": 97.368421052632,
      "PercentSampling": 100.0,
      "PerformedProcedureStepStartTime": "123809.531000",
      "PhotometricInterpretation": "MONOCHROME2",
      "PixelBandwidth": 1265.0,
      "PixelRepresentation": 0,
      "PixelSpacing": [0.875, 0.875],
      "ProtocolName": "VASO_157_v1s1_event",
      "RepetitionTime": 1720.0,
      "Rows": 608,
      "SAR": 0.10559345388269,
      "SamplesPerPixel": 1,
      "ScanOptions": [
        "PFP",
        "SAT1",
        "FS"
],
      "ScanningSequence": "EP",
      "SequenceName": "compiled from R",
      "SequenceVariant": [
        "SK",
        "SP"
],
      "SeriesDescription": "VASO_157_v1s1_event_E00_M",
      "SeriesNumber": 8,
      "SeriesTime": "140757.046000",
      "SliceLocation": 14.956179796139,
      "SliceThickness": 0.87999999523163,
      "SmallestImagePixelValue": 0,
      "SoftwareVersions": "syngo MR B17",
      "SpacingBetweenSlices": 0.87999999523163,
      "SpecificCharacterSet": "ISO_IR 100",
      "StudyID": "1",
      "StudyTime": "123809.484000",
      "TransmitCoilName": "32Ch_Head_7T",
      "VariableFlipAngleFlag": "N",
      "WindowCenterWidthExplanation": "Algo1",
      "dBdt": 0.0},
