{
  "AcquisitionMatrixPE": 148,
  "AcquisitionNumber": 1,
  "AcquisitionTime": "13:06:49.462500",
  "BandwidthPerPixelPhaseEncode": 21.796,
  "BaseResolution": 152,
  "CoilString": "C:A32",
  "ConversionSoftware": "dcm2niix",
  "ConversionSoftwareVersion": "v1.0.20190410  GCC6.3.0",
  "DerivedVendorReportedEchoSpacing": 0.00093,
  "DeviceSerialNumber": "18930",
  "DwellTime": 2.6e-06,
  "EchoTime": 0.018,
  "EffectiveEchoSpacing": 0.00031,
  "FlipAngle": 26,
  "ImageComments": "E00_Com",
  "ImageOrientationPatientDICOM": [1, 0, 1e-16, 0, 0.760406, -0.649448],
  "ImageType": [
    "ORIGINAL",
    "PRIMARY",
    "M",
    "ND",
    "ECHO",
 "00",
    "COMBINED",
    "MOSAIC"
],
  "ImagingFrequency": 297.205,
  "InPlanePhaseEncodingDirectionDICOM": "COL",
  "InstitutionAddress": "Oxfordlaan_55_Maastricht_Limburg_NL_6229_EV",
  "InstitutionName": "Scannexus",
  "InstitutionalDepartmentName": "MRI_7T",
  "MRAcquisitionType": "3D",
  "MagneticFieldStrength": 6.98,
  "Manufacturer": "Siemens",
  "ManufacturersModelName": "Investigational_Device_7T",
  "Modality": "MR",
  "MultibandAccelerationFactor": 16,
  "PartialFourier": 0.75,
  "PatientPosition": "HFS",
  "PercentPhaseFOV": 97.3684,
  "PhaseEncodingSteps": 110,
  "PhaseResolution": 1,
  "PixelBandwidth": 1265,
  "ProcedureStepDescription": "Amanda_Kaas_SEBDRE",
  "ProtocolName": "VASO_157_v1s1_block",
  "PulseSequenceDetails": "%CustomerSeq%_VASO_157",
  "ReceiveCoilName": "32Ch_Head_7T",
  "ReconMatrixPE": 148,
  "RefLinesPE": 45,
  "RepetitionTime": 1.72,
  "SAR": 0.105592,
  "ScanOptions": "PFP_SAT1_FS",
  "ScanningSequence": "EP",
  "SequenceName": "compiled_from_R",
  "SequenceVariant": "SK_SP",
  "SeriesDescription": "VASO_157_v1s1_block_E00_M",
  "SeriesNumber": 4,
  "ShimSetting": [81, -187, 536, 819, 11, 608, 316, 141],
  "SliceThickness": 0.88,
  "SoftwareVersions": "syngo_MR_B17",
  "SpacingBetweenSlices": 0.88,
  "StationName": "MRC18930",
  "TaskName": "blockStim",
  "TotalReadoutTime": 0.04557,
  "TxRefAmp": 210,
  "dcmmeta_affine": [
    [-0.875, 0.0, 6.691572856454283e-17, 62.83610534667969],
    [0.0, 0.6653552055358887, -0.5715142488479614, -47.82213592529297],
    [8.749999899391672e-17, 0.5682670474052429, 0.6691572666168213, -21.175283432006836],
    [0.0, 0.0, 0.0, 1.0]
],
  "dcmmeta_reorient_transform": [
    [0.0, -1.0, 0.0, 147.0],
    [1.0, 0.0, 0.0, 0.0],
    [0.0, 0.0, 1.0, 0.0],
    [0.0, 0.0, 0.0, 1.0]
],
  "dcmmeta_shape": [152, 148, 16, 600],
  "dcmmeta_slice_dim": 2,
  "dcmmeta_version": 0.6,
  "global": {
    "const": {
      "AcquisitionMatrix": [152, 0, 0, 148],
      "AngioFlag": "N",
      "BitsAllocated": 16,
      "BitsStored": 12,
      "Columns": 608,
      "EchoNumbers": 1,
      "EchoTime": 18.0,
      "EchoTrainLength": 1,
      "FlipAngle": 26.0,
      "HighBit": 11,
      "ImageOrientationPatient": [1.0, 0.0, 1e-16, 0.0, 0.7604059756479, -0.6494480365656],
      "ImagePositionPatient": [-262.33610486984, -197.69394400954, 188.5152510965],
      "ImageType": [
        "ORIGINAL",
        "PRIMARY",
        "M",
        "ND",
        "ECHO_00",
        "COMBINED",
        "MOSAIC"
],
      "ImagedNucleus": "1H",
      "ImagingFrequency": 297.204965,
      "InPlanePhaseEncodingDirection": "COL",
      "MRAcquisitionType": "3D",
      "MagneticFieldStrength": 6.98,
      "Manufacturer": "SIEMENS",
      "ManufacturerModelName": "Investigational_Device_7T",
      "Modality": "MR",
      "NumberOfAverages": 1.0,
      "NumberOfPhaseEncodingSteps": 110,
      "PercentPhaseFieldOfView": 97.368421052632,
      "PercentSampling": 100.0,
      "PerformedProcedureStepStartTime": "123809.531000",
      "PhotometricInterpretation": "MONOCHROME2",
      "PixelBandwidth": 1265.0,
      "PixelRepresentation": 0,
      "PixelSpacing": [0.875, 0.875],
      "ProtocolName": "VASO_157_v1s1_block",
      "RepetitionTime": 1720.0,
      "Rows": 592,
      "SAR": 0.10559226740734,
      "SamplesPerPixel": 1,
      "ScanOptions": [
        "PFP",
        "SAT1",
        "FS"
],
      "ScanningSequence": "EP",
      "SequenceName": "compiled from R",
      "SequenceVariant": [
        "SK",
        "SP"
],
      "SeriesDescription": "VASO_157_v1s1_block_E00_M",
      "SeriesNumber": 4,
      "SeriesTime": "130718.109000",
      "SliceLocation": 14.956179656631,
      "SliceThickness": 0.87999999523163,
      "SmallestImagePixelValue": 0,
      "SoftwareVersions": "syngo MR B17",
      "SpacingBetweenSlices": 0.87999999523163,
      "SpecificCharacterSet": "ISO_IR 100",
      "StudyID": "1",
      "StudyTime": "123809.484000",
      "TransmitCoilName": "32Ch_Head_7T",
      "VariableFlipAngleFlag": "N",
      "WindowCenterWidthExplanation": "Algo1",
      "dBdt": 0.0},
