{
  "AcquisitionMatrixPE": 320,
  "AcquisitionNumber": 1,
  "AcquisitionTime": "17:54:49.155000",
  "BaseResolution": 320,
  "CoilString": "C:A32",
  "ConversionSoftware": "dcm2niix",
  "ConversionSoftwareVersion": "v1.0.20190410  GCC6.3.0",
  "DeviceSerialNumber": "18930",
  "DwellTime": 6.3e-06,
  "EchoTime": 0.00247,
  "ImageComments": "MP2RAGE_uniform_image",
  "ImageOrientationPatientDICOM": [0.00211676, 0.992568, -0.121669, -0.00628569, -0.121654, -0.992553],
  "ImageType": [
    "ORIGINAL",
    "PRIMARY",
    "M",
    "ND"
],
  "ImagingFrequency": 297.205,
  "InPlanePhaseEncodingDirectionDICOM": "ROW",
  "InstitutionAddress": "Oxfordlaan_55_Maastricht_Limburg_NL_6229_EV",
  "InstitutionName": "Scannexus",
  "InstitutionalDepartmentName": "MRI_7T",
  "MRAcquisitionType": "3D",
  "MagneticFieldStrength": 6.98,
  "Manufacturer": "Siemens",
  "ManufacturersModelName": "Investigational_Device_7T",
  "Modality": "MR",
  "PartialFourier": 0.75,
  "PatientPosition": "HFS",
  "PercentPhaseFOV": 100,
  "PhaseEncodingSteps": 240,
  "PhaseResolution": 1,
  "PixelBandwidth": 248,
  "ProcedureStepDescription": "MaartenVaessen_PoseProject",
  "ProtocolName": "mp2rage_iso0.7_iPAT3",
  "PulseSequenceDetails": "%CustomerSeq%_mp2rage_wip602B",
  "ReceiveCoilName": "32Ch_Head_7T",
  "ReconMatrixPE": 320,
  "RefLinesPE": 24,
  "RepetitionTime": 5,
  "SAR": 0.0948639,
  "ScanOptions": "IR_PFP_WE",
  "ScanningSequence": "GR_IR",
  "SequenceName": "tfl3d1_ns",
  "SequenceVariant": "SP_MP",
  "SeriesDescription": "mp2rage_iso0.7_iPAT3_UNI_Images",
  "SeriesNumber": 22,
  "ShimSetting": [72, -187, 337, 490, -49, -285, -103, 72],
  "SliceThickness": 0.7,
  "SoftwareVersions": "syngo_MR_B17",
  "StationName": "MRC18930",
  "TxRefAmp": 240,
  "dcmmeta_affine": [
    [0.699984610080719, 0.001481729792430997, -0.004399979952722788, -87.36963653564453],
    [-0.002006036229431629, 0.694797933101654, -0.08515758812427521, -64.81645965576172],
    [0.0041870237328112125, 0.08516832441091537, 0.6947869062423706, -122.09962463378906],
    [0.0, 0.0, 0.0, 1.0]
],
  "dcmmeta_reorient_transform": [
    [0.0, 0.0, -1.0, 319.0],
    [0.0, -1.0, 0.0, 319.0],
    [-1.0, 0.0, 0.0, 239.0],
    [0.0, 0.0, 0.0, 1.0]
],
  "dcmmeta_shape": [240, 320, 320],
  "dcmmeta_slice_dim": 0,
  "dcmmeta_version": 0.6,
  "global": {
    "const": {
      "AcquisitionMatrix": [0, 320, 320, 0],
      "AcquisitionNumber": 1,
      "AngioFlag": "N",
      "BitsAllocated": 16,
      "BitsStored": 12,
      "Columns": 320,
      "EchoNumbers": 1,
      "EchoTime": 2.47,
      "EchoTrainLength": 1,
      "FlipAngle": 0.0,
      "HighBit": 11,
      "ImageOrientationPatient": [0.0021167569015, 0.99256846859033, -0.1216690367368, -0.0062856857278, -0.1216536992649, -0.9925527026864],
      "ImageType": [
        "ORIGINAL",
        "PRIMARY",
        "M",
        "ND"
],
      "ImagedNucleus": "1H",
      "ImagingFrequency": 297.205137,
      "InPlanePhaseEncodingDirection": "ROW",
      "InversionTime": 0.0,
      "MRAcquisitionType": "3D",
      "MagneticFieldStrength": 6.98,
      "Manufacturer": "SIEMENS",
      "ManufacturerModelName": "Investigational_Device_7T",
      "Modality": "MR",
      "NumberOfAverages": 1.0,
      "NumberOfPhaseEncodingSteps": 240,
      "PercentPhaseFieldOfView": 100.0,
      "PercentSampling": 100.0,
      "PerformedProcedureStepStartTime": "170133.015000",
      "PhotometricInterpretation": "MONOCHROME2",
      "PixelBandwidth": 248.0,
      "PixelRepresentation": 0,
      "PixelSpacing": [0.69999998807907, 0.69999998807907],
      "ProtocolName": "mp2rage_iso0.7_iPAT3",
      "RepetitionTime": 5000.0,
      "Rows": 320,
      "SAR": 0.09486385794825,
      "SamplesPerPixel": 1,
      "ScanOptions": [
        "IR",
        "PFP",
        "WE"
],
      "ScanningSequence": [
        "GR",
        "IR"
],
      "SequenceName": "tfl3d1_ns",
      "SequenceVariant": [
        "SP",
        "MP"
],
      "SeriesDescription": "mp2rage_iso0.7_iPAT3_UNI_Images",
      "SeriesNumber": 22,
      "SeriesTime": "180301.609000",
      "SliceThickness": 0.69999998807907,
      "SoftwareVersions": "syngo MR B17",
      "SpecificCharacterSet": "ISO_IR 100",
      "StudyID": "1",
      "StudyTime": "170132.984000",
      "TransmitCoilName": "32Ch_Head_7T",
      "VariableFlipAngleFlag": "N",
      "WindowCenterWidthExplanation": "Algo1",
      "dBdt": 0.0},
